GIT
  remote: git://github.com/superfeedr/em-redis.git
  revision: 05ae32de34013472d3370ec5b86acb8ec94fcb14
  ref: 05ae32de34013472d3370ec5b86acb8ec94fcb14
  specs:
    superfeedr-em-redis (0.3.7)
      eventmachine

PATH
  remote: ~/code/haproxy/haproxy-ruby
  specs:
    haproxy (0.0.6)

GEM
  specs:
    eventmachine (1.0.0)

PLATFORMS
  ruby

DEPENDENCIES
  eventmachine
  haproxy!
  superfeedr-em-redis!
